PATH
  remote: .
  specs:
    typhus (1.0.0)
      typhoeus

GEM
  remote: https://rubygems.org/
  specs:
    ethon (0.10.1)
      ffi (>= 1.3.0)
    ffi (1.9.18)
    power_assert (1.0.2)
    rake (12.0.0)
    test-unit (3.2.3)
      power_assert
    typhoeus (1.1.2)
      ethon (>= 0.9.0)

PLATFORMS
  ruby

DEPENDENCIES
  rake
  test-unit
  typhus!

BUNDLED WITH
   1.13.6
